GEM
  remote: http://rubygems.org/
  specs:
    dante (0.2.0)
    json (1.8.2)
    newrelic_plugin (1.3.1)
      json

PLATFORMS
  ruby

DEPENDENCIES
  dante
  newrelic_plugin
